STORAGE: NONE
RESTRICTION: == net9.0-windows7.0
NUGET
  remote: https://api.nuget.org/v3/index.json
    Microsoft.NET.Test.Sdk (17.14.1)
    Newtonsoft.Json (13.0.3)
    NUnit (4.3.2)
    NUnit3TestAdapter (5.0)
    RunProcess (1.2)
    YamlDotNet (16.3)
